GEM
  remote: https://rubygems.org/
  specs:
    aws-sdk (2.1.26)
      aws-sdk-resources (= 2.1.26)
    aws-sdk-core (2.1.26)
      jmespath (~> 1.0)
    aws-sdk-resources (2.1.26)
      aws-sdk-core (= 2.1.26)
    dogapi (1.20.0)
      multi_json
    jmespath (1.1.3)
    multi_json (1.11.2)
    spotdog (0.2.0)
      aws-sdk (~> 2.1.15)
      dogapi
      thor
    thor (0.19.1)

PLATFORMS
  ruby

DEPENDENCIES
  spotdog (= 0.2.0)

BUNDLED WITH
   1.10.6
